GEM
  remote: http://rubygems.org/
  specs:
    awesome_print (1.2.0)
    haml (4.0.6)
      tilt
    sass (3.4.14)
    tilt (2.0.1)

PLATFORMS
  ruby

DEPENDENCIES
  awesome_print
  haml
  sass
